GEM
  remote: http://rubygems.org/
  specs:
    albino (1.3.3)
      posix-spawn (>= 0.3.6)
    classifier (1.3.3)
      fast-stemmer (>= 1.0.0)
    commonjs (0.2.0)
      therubyracer (~> 0.9.9)
    directory_watcher (1.4.1)
    fast-stemmer (1.0.0)
    haml (3.1.4)
    jekyll (0.11.0)
      albino (>= 1.3.2)
      classifier (>= 1.3.1)
      directory_watcher (>= 1.1.1)
      kramdown (>= 0.13.2)
      liquid (>= 1.9.0)
      maruku (>= 0.5.9)
    kramdown (0.13.3)
    less (2.0.8)
      commonjs (~> 0.2.0)
      therubyracer (~> 0.9.9)
    libv8 (3.3.10.4)
    liquid (2.3.0)
    maruku (0.6.0)
      syntax (>= 1.0.0)
    posix-spawn (0.3.6)
    sass (3.1.11)
    syntax (1.0.0)
    therubyracer (0.9.9)
      libv8 (~> 3.3.10)

PLATFORMS
  ruby

DEPENDENCIES
  haml
  jekyll
  less
  sass
