GIT
  remote: git://github.com/mildred/webgen.git
  revision: 5167965baa052c8f608cdb0efd930820dad3fb29
  specs:
    webgen (0.5.14)
      cmdparse (>= 2.0.2)
      kramdown (= 0.10.0)

GEM
  remote: http://rubygems.org/
  specs:
    adsf (1.0.1)
      rack (>= 1.0.0)
    awesome_print (1.0.2)
    builder (3.0.0)
    cmdparse (2.0.3)
    cri (2.0.2)
    haml (3.1.4)
    kramdown (0.10.0)
    mime-types (1.17.2)
    nanoc (3.2.3)
      nanoc3 (>= 3.2.3)
    nanoc3 (3.2.3)
      cri (~> 2.0)
    rack (1.3.5)
    rake (0.9.2.2)
    rdiscount (1.6.8)
    sass (3.1.12)

PLATFORMS
  ruby

DEPENDENCIES
  adsf
  awesome_print
  builder
  haml
  kramdown
  mime-types
  nanoc (~> 3)
  rack
  rake
  rdiscount
  sass
  webgen!
